PATH
  remote: .
  specs:
    minerva_api (0.2.0)
      full-name-splitter (~> 0.1.2)
      nokogiri (>= 1.10.4)

GEM
  remote: https://rubygems.org/
  specs:
    diff-lcs (1.3)
    full-name-splitter (0.1.2)
    mini_portile2 (2.4.0)
    nokogiri (1.10.7)
      mini_portile2 (~> 2.4.0)
    nokogiri (1.10.7-x86-mingw32)
      mini_portile2 (~> 2.4.0)
    rake (13.0.1)
    rspec (3.9.0)
      rspec-core (~> 3.9.0)
      rspec-expectations (~> 3.9.0)
      rspec-mocks (~> 3.9.0)
    rspec-core (3.9.0)
      rspec-support (~> 3.9.0)
    rspec-expectations (3.9.0)
      diff-lcs (>= 1.2.0, < 2.0)
      rspec-support (~> 3.9.0)
    rspec-mocks (3.9.0)
      diff-lcs (>= 1.2.0, < 2.0)
      rspec-support (~> 3.9.0)
    rspec-support (3.9.0)

PLATFORMS
  ruby
  x86-mingw32

DEPENDENCIES
  bundler (~> 2.0.2)
  minerva_api!
  rake (~> 13.0)
  rspec (~> 3.0)

BUNDLED WITH
   2.0.2
